GEM
  remote: https://rubygems.org/
  specs:
    holiday_jp (0.8.1)

PLATFORMS
  ruby

DEPENDENCIES
  holiday_jp

BUNDLED WITH
   2.1.4
